GIT
  remote: https://github.com/ngiger/ruby-dbi
  revision: ce41c14531235005dfcb671895b4f26b74b1ca4d
  specs:
    dbi (0.4.6)
      deprecated (= 2.0.1)

GEM
  remote: http://rubygems.org/
  specs:
    activesupport (3.1.0)
      multi_json (~> 1.0)
    addressable (2.5.0)
      public_suffix (~> 2.0, >= 2.0.2)
    akami (1.3.1)
      gyoku (>= 0.4.0)
      nokogiri
    ansi (1.5.0)
    bigdecimal (1.3.0)
    blankslate (3.1.3)
    builder (3.2.2)
    byebug (9.0.6)
    childprocess (0.5.9)
      ffi (~> 1.0, >= 1.0.11)
    coderay (1.1.1)
    crack (0.4.3)
      safe_yaml (~> 1.0.0)
    data_magic (1.0)
      faker (>= 1.1.2)
      yml_reader (>= 0.6)
    dbd-pg (0.3.9)
      dbi (>= 0.4.0)
      pg
    deprecated (2.0.1)
    diff-lcs (1.2.5)
    diffy (3.1.0)
    domain_name (0.5.20161129)
      unf (>= 0.0.5, < 1.0.0)
    facets (1.8.54)
    faker (1.7.2)
      i18n (~> 0.5)
    ffi (1.9.14)
    flexmock (2.3.4)
    flickraw (0.9.8)
    gruff (0.5.1)
      rmagick
    gyoku (1.3.1)
      builder (>= 2.1.2)
    hashdiff (0.3.2)
    hoe (3.16.0)
      rake (>= 0.8, < 13.0)
    hoe-travis (1.3.1)
      hoe (~> 3.0)
    hpricot (0.8.6)
    htmlentities (4.3.1)
    htmlgrid (1.0.6)
    http-cookie (1.0.3)
      domain_name (~> 0.5)
    httpi (2.4.2)
      rack
      socksify
    i18n (0.6.9)
    json (2.0.2)
    mail (2.2.7)
      activesupport (>= 2.3.6)
      mime-types
      treetop (>= 1.4.5)
    mechanize (2.7.3)
      domain_name (~> 0.5, >= 0.5.1)
      http-cookie (~> 1.0)
      mime-types (~> 2.0)
      net-http-digest_auth (~> 1.1, >= 1.1.1)
      net-http-persistent (~> 2.5, >= 2.5.2)
      nokogiri (~> 1.4)
      ntlm-http (~> 0.1, >= 0.1.1)
      webrobots (>= 0.0.9, < 0.2)
    method_source (0.8.2)
    mime-types (2.99.3)
    mini_portile (0.5.3)
    minitest (5.0.8)
    minitest-should_syntax (1.0.2)
      minitest
    money (3.7.1)
      i18n (~> 0.4)
    multi_json (1.0.4)
    needle (1.3.0)
    net-http-digest_auth (1.2)
    net-http-persistent (2.7)
    nokogiri (1.6.1)
      mini_portile (~> 0.5.0)
    nori (2.6.0)
    ntlm-http (0.1.1)
    odba (1.1.2)
      ydbd-pg (>= 0.5.1)
      ydbi (>= 0.5.1)
    oddb2tdat (1.1.2)
    page-object (1.2.0)
      page_navigation (>= 0.9)
      selenium-webdriver (>= 2.44.0)
      watir-webdriver (>= 0.6.11)
    page_navigation (0.10)
      data_magic (>= 0.22)
    parslet (1.7.0)
      blankslate (>= 2.0, <= 4.0)
    paypal (2.0.0)
      money (> 0.0.0)
    pg (0.12.0)
      rake-compiler (~> 0.7)
    polyglot (0.3.5)
    pry (0.10.4)
      coderay (~> 1.1.0)
      method_source (~> 0.8.1)
      slop (~> 3.4)
    pry-byebug (3.4.2)
      byebug (~> 9.0)
      pry (~> 0.10)
    public_suffix (2.0.5)
    racc (1.4.11)
    rack (2.0.1)
    rake (12.0.0)
    rake-compiler (0.9.9)
      rake
    rclconf (1.0.0)
    rdoc (3.9.4)
    rmagick (2.13.4)
    rmail (1.0.0)
    rpdf2txt (0.8.4)
    rspec (3.5.0)
      rspec-core (~> 3.5.0)
      rspec-expectations (~> 3.5.0)
      rspec-mocks (~> 3.5.0)
    rspec-core (3.5.4)
      rspec-support (~> 3.5.0)
    rspec-expectations (3.5.0)
      diff-lcs (>= 1.2.0, < 2.0)
      rspec-support (~> 3.5.0)
    rspec-mocks (3.5.0)
      diff-lcs (>= 1.2.0, < 2.0)
      rspec-support (~> 3.5.0)
    rspec-support (3.5.0)
    ruby-ole (1.2.12)
    rubyXL (3.3.1)
      nokogiri (>= 1.4.4)
      rubyzip (>= 1.1.6)
    rubyntlm (0.5.1)
    rubyzip (1.2.0)
    safe_yaml (1.0.4)
    savon (2.11.1)
      akami (~> 1.2)
      builder (>= 2.1.2)
      gyoku (~> 1.2)
      httpi (~> 2.3)
      nokogiri (>= 1.4.0)
      nori (~> 2.4)
      wasabi (~> 3.4)
    sax-machine (1.3.2)
    sbsm (1.3.0)
      hpricot
      mail
      rack
    selenium-webdriver (3.0.5)
      childprocess (~> 0.5)
      rubyzip (~> 1.0)
      websocket (~> 1.0)
    simplecov (0.7.1)
      multi_json (~> 1.0)
      simplecov-html (~> 0.7.1)
    simplecov-html (0.7.1)
    slop (3.6.0)
    socksify (1.7.0)
    spreadsheet (0.9.7)
      ruby-ole (>= 1.0)
    swissmedic-diff (0.2.2)
    syck (1.2.0)
    travis-lint (2.0.0)
      json
    treetop (1.6.8)
      polyglot (~> 0.3)
    turn (0.8.2)
      ansi (>= 1.2.2)
    unf (0.1.4)
      unf_ext
    unf_ext (0.0.7.2)
    vcr (3.0.3)
    wasabi (3.5.0)
      httpi (~> 2.0)
      nokogiri (>= 1.4.2)
    watir (6.1.0)
      selenium-webdriver (~> 3.0)
    watir-webdriver (0.9.9)
      selenium-webdriver (>= 2.46.2)
    webmock (2.3.2)
      addressable (>= 2.3.6)
      crack (>= 0.3.2)
      hashdiff
    webrobots (0.1.1)
    websocket (1.2.3)
    ydbd-pg (0.5.3)
      pg
      ydbi (>= 0.5.0)
    ydbi (0.5.3)
      deprecated (= 2.0.1)
    ydim (1.0.0)
    ydocx (1.2.5)
    yml_reader (0.7)
    yus (1.0.0)

PLATFORMS
  ruby

DEPENDENCIES
  activesupport (= 3.1.0)
  bigdecimal
  builder (= 3.2.2)
  dbd-pg (= 0.3.9)
  dbi!
  deprecated (= 2.0.1)
  diff-lcs
  diffy
  facets (= 1.8.54)
  flexmock
  flickraw (= 0.9.8)
  gruff (= 0.5.1)
  hoe
  hoe-travis
  hpricot (= 0.8.6)
  htmlentities (= 4.3.1)
  htmlgrid (= 1.0.6)
  httpi (= 2.4.2)
  i18n (= 0.6.9)
  json
  mail (= 2.2.7)
  mechanize (= 2.7.3)
  mime-types
  minitest
  minitest-should_syntax
  money (= 3.7.1)
  multi_json (= 1.0.4)
  needle (= 1.3.0)
  net-http-digest_auth (= 1.2)
  net-http-persistent (= 2.7)
  nokogiri (= 1.6.1)
  odba (>= 1.1.2)
  oddb2tdat (= 1.1.2)
  page-object
  parslet (= 1.7.0)
  paypal (= 2.0.0)
  pg (= 0.12.0)
  pry-byebug
  racc (= 1.4.11)
  rake
  rclconf (= 1.0.0)
  rdoc (= 3.9.4)
  rmagick (= 2.13.4)
  rmail (= 1.0.0)
  rpdf2txt (= 0.8.4)
  rspec
  rspec-core
  rubyXL (= 3.3.1)
  rubyntlm (= 0.5.1)
  rubyzip (>= 1.1.6)
  savon (~> 2.11.1)
  sax-machine
  sbsm (= 1.3.0)
  simplecov (~> 0.7.1)
  spreadsheet (= 0.9.7)
  swissmedic-diff (= 0.2.2)
  syck
  travis-lint
  turn
  vcr
  watir
  watir-webdriver
  webmock
  webrobots (= 0.1.1)
  ydim (= 1.0.0)
  ydocx (= 1.2.5)
  yus (= 1.0.0)

BUNDLED WITH
   1.13.7
