GIT
  remote: https://github.com/ngiger/ruby-dbi
  revision: 3b9421fb94f43438962ebc998d36dd94e1881ded
  specs:
    dbi (0.4.6)
      deprecated (= 2.0.1)

GEM
  remote: http://rubygems.org/
  specs:
    activesupport (3.1.0)
      multi_json (~> 1.0)
    addressable (2.3.8)
    akami (1.3.1)
      gyoku (>= 0.4.0)
      nokogiri
    archive-tarsimple (1.1.1)
    bigdecimal (1.1.0)
    blankslate (3.1.3)
    builder (3.2.2)
    childprocess (0.5.6)
      ffi (~> 1.0, >= 1.0.11)
    coderay (1.1.0)
    columnize (0.9.0)
    commonwatir (4.0.0)
    crack (0.4.1)
      safe_yaml (~> 0.9.0)
    data_magic (0.21)
      faker (>= 1.1.2)
      yml_reader (>= 0.4)
    dbd-pg (0.3.9)
      dbi (>= 0.4.0)
      pg
    debugger (1.6.8)
      columnize (>= 0.3.1)
      debugger-linecache (~> 1.2.0)
      debugger-ruby_core_source (~> 1.3.5)
    debugger-linecache (1.2.0)
    debugger-ruby_core_source (1.3.8)
    deprecated (2.0.1)
    diff-lcs (1.2.5)
    diffy (3.0.7)
    domain_name (0.5.24)
      unf (>= 0.0.5, < 1.0.0)
    facets (1.8.54)
    faker (1.5.0)
      i18n (~> 0.5)
    fastthread (1.0.7)
    ffi (1.9.10)
    flexmock (1.3.3)
    flickraw (0.9.8)
    gruff (0.5.1)
      rmagick
    gyoku (1.3.1)
      builder (>= 2.1.2)
    hashr (0.0.22)
    hoe (3.14.2)
      rake (>= 0.8, < 11.0)
    hoe-travis (1.2)
      hoe (~> 3.0)
      travis-lint (~> 1.2)
    hpricot (0.8.6)
    htmlentities (4.3.1)
    htmlgrid (1.0.6)
    http-cookie (1.0.2)
      domain_name (~> 0.5)
    httpi (2.4.1)
      rack
    i18n (0.6.9)
    json (1.8.1)
    mail (2.2.7)
      activesupport (>= 2.3.6)
      mime-types
      treetop (>= 1.4.5)
    mechanize (2.7.3)
      domain_name (~> 0.5, >= 0.5.1)
      http-cookie (~> 1.0)
      mime-types (~> 2.0)
      net-http-digest_auth (~> 1.1, >= 1.1.1)
      net-http-persistent (~> 2.5, >= 2.5.2)
      nokogiri (~> 1.4)
      ntlm-http (~> 0.1, >= 0.1.1)
      webrobots (>= 0.0.9, < 0.2)
    method_source (0.8.2)
    mime-types (2.6.2)
    mini_portile (0.5.3)
    minitest (5.8.0)
    minitest-should_syntax (1.0.2)
      minitest
    money (3.7.1)
      i18n (~> 0.4)
    multi_json (1.0.4)
    needle (1.3.0)
    net-http-digest_auth (1.2)
    net-http-persistent (2.7)
    nokogiri (1.6.1)
      mini_portile (~> 0.5.0)
    nori (2.6.0)
    ntlm-http (0.1.1)
    odba (1.1.0)
    oddb2tdat (1.1.2)
    page-object (1.1.0)
      page_navigation (>= 0.9)
      selenium-webdriver (>= 2.44.0)
      watir-webdriver (>= 0.6.11)
    page_navigation (0.9)
      data_magic (>= 0.14)
    parslet (1.7.0)
      blankslate (>= 2.0, <= 4.0)
    paypal (2.0.0)
      money (> 0.0.0)
    pg (0.12.0)
      rake-compiler (~> 0.7)
    polyglot (0.3.5)
    pry (0.10.1)
      coderay (~> 1.1.0)
      method_source (~> 0.8.1)
      slop (~> 3.4)
    pry-debugger (0.2.3)
      debugger (~> 1.3)
      pry (>= 0.9.10, < 0.11.0)
    racc (1.4.11)
    rack (1.6.4)
    rake (10.4.2)
    rake-compiler (0.9.5)
      rake
    rclconf (1.0.0)
    rdoc (3.9.4)
    rmagick (2.13.4)
    rmail (1.0.0)
    rpdf2txt (0.8.4)
    rspec (3.4.0)
      rspec-core (~> 3.4.0)
      rspec-expectations (~> 3.4.0)
      rspec-mocks (~> 3.4.0)
    rspec-core (3.4.1)
      rspec-support (~> 3.4.0)
    rspec-expectations (3.4.0)
      diff-lcs (>= 1.2.0, < 2.0)
      rspec-support (~> 3.4.0)
    rspec-mocks (3.4.0)
      diff-lcs (>= 1.2.0, < 2.0)
      rspec-support (~> 3.4.0)
    rspec-support (3.4.1)
    ruby-ole (1.2.11.8)
    rubyXL (3.3.1)
      nokogiri (>= 1.4.4)
      rubyzip (>= 1.1.6)
    rubyntlm (0.5.1)
    rubyzip (1.1.7)
    safe_yaml (0.9.7)
    savon (2.11.1)
      akami (~> 1.2)
      builder (>= 2.1.2)
      gyoku (~> 1.2)
      httpi (~> 2.3)
      nokogiri (>= 1.4.0)
      nori (~> 2.4)
      wasabi (~> 3.4)
    sax-machine (1.3.2)
    sbsm (1.2.3)
    selenium-webdriver (2.47.1)
      childprocess (~> 0.5)
      multi_json (~> 1.0)
      rubyzip (~> 1.0)
      websocket (~> 1.0)
    simplecov (0.7.1)
      multi_json (~> 1.0)
      simplecov-html (~> 0.7.1)
    simplecov-html (0.7.1)
    slop (3.6.0)
    spreadsheet (0.9.7)
      ruby-ole (>= 1.0)
    swissmedic-diff (0.2.2)
    travis-lint (1.8.0)
      hashr (~> 0.0.22)
      safe_yaml (~> 0.9.0)
    treetop (1.6.3)
      polyglot (~> 0.3)
    unf (0.1.4)
      unf_ext
    unf_ext (0.0.7.1)
    vcr (2.9.3)
    wasabi (3.5.0)
      httpi (~> 2.0)
      nokogiri (>= 1.4.2)
    watir (5.0.0)
      commonwatir (~> 4)
      watir-webdriver
    watir-webdriver (0.8.0)
      selenium-webdriver (>= 2.46.2)
    webmock (1.21.0)
      addressable (>= 2.3.6)
      crack (>= 0.3.2)
    webrobots (0.1.1)
    websocket (1.2.2)
    ydim (1.0.0)
    ydocx (1.2.5)
    yml_reader (0.5)
    yus (1.0.0)

PLATFORMS
  ruby

DEPENDENCIES
  activesupport (= 3.1.0)
  archive-tarsimple (= 1.1.1)
  bigdecimal (= 1.1.0)
  builder (= 3.2.2)
  dbd-pg (= 0.3.9)
  dbi!
  deprecated (= 2.0.1)
  diff-lcs
  diffy
  facets (= 1.8.54)
  fastthread (= 1.0.7)
  flexmock (~> 1.3.0)
  flickraw (= 0.9.8)
  gruff (= 0.5.1)
  hoe
  hoe-travis
  hpricot (= 0.8.6)
  htmlentities (= 4.3.1)
  htmlgrid (= 1.0.6)
  httpi (= 2.4.1)
  i18n (= 0.6.9)
  json (= 1.8.1)
  mail (= 2.2.7)
  mechanize (= 2.7.3)
  mime-types
  minitest (>= 5.0)
  minitest-should_syntax
  money (= 3.7.1)
  multi_json (= 1.0.4)
  needle (= 1.3.0)
  net-http-digest_auth (= 1.2)
  net-http-persistent (= 2.7)
  nokogiri (= 1.6.1)
  odba (= 1.1.0)
  oddb2tdat (= 1.1.2)
  page-object
  parslet (= 1.7.0)
  paypal (= 2.0.0)
  pg (= 0.12.0)
  pry-debugger
  racc (= 1.4.11)
  rake
  rclconf (= 1.0.0)
  rdoc (= 3.9.4)
  rmagick (= 2.13.4)
  rmail (= 1.0.0)
  rpdf2txt (= 0.8.4)
  rspec
  rspec-core
  rubyXL (= 3.3.1)
  rubyntlm (= 0.5.1)
  rubyzip (>= 1.1.6)
  savon (~> 2.11.1)
  sax-machine
  sbsm (= 1.2.3)
  simplecov (~> 0.7.1)
  spreadsheet (= 0.9.7)
  swissmedic-diff (= 0.2.2)
  travis-lint
  vcr
  watir
  watir-webdriver
  webmock
  webrobots (= 0.1.1)
  ydim (= 1.0.0)
  ydocx (= 1.2.5)
  yus (= 1.0.0)

BUNDLED WITH
   1.11.2
