GIT
  remote: https://github.com/ngiger/ruby-dbi
  revision: ce41c14531235005dfcb671895b4f26b74b1ca4d
  specs:
    dbi (0.4.6)
      deprecated (= 2.0.1)

GEM
  remote: https://rubygems.org/
  specs:
    activesupport (6.1.1)
      concurrent-ruby (~> 1.0, >= 1.0.2)
      i18n (>= 1.6, < 2)
      minitest (>= 5.1)
      tzinfo (~> 2.0)
      zeitwerk (~> 2.3)
    addressable (2.7.0)
      public_suffix (>= 2.0.2, < 5.0)
    akami (1.3.1)
      gyoku (>= 0.4.0)
      nokogiri
    bigdecimal (3.0.0)
    builder (3.2.4)
    byebug (11.1.3)
    childprocess (3.0.0)
    chrono_logger (1.1.1)
    clogger (2.3.0)
      rack (>= 1.0, < 3.0)
    cmath (1.0.0)
    coderay (1.1.3)
    concurrent-ruby (1.1.8)
    connection_pool (2.2.3)
    crack (0.4.5)
      rexml
    data_magic (1.2)
      faker (>= 1.1.2)
      yml_reader (>= 0.6)
    deprecated (2.0.1)
    diff-lcs (1.4.4)
    docile (1.3.5)
    domain_name (0.5.20190701)
      unf (>= 0.0.5, < 1.0.0)
    faker (2.15.1)
      i18n (>= 1.6, < 2)
    flexmock (2.3.6)
    flickraw (0.9.10)
    gruff (0.8.0)
      rmagick
    gyoku (1.3.1)
      builder (>= 2.1.2)
    hashdiff (1.0.1)
    highline (2.0.3)
    hpricot (0.8.6)
    htmlentities (4.3.4)
    htmlgrid (1.1.9)
      sbsm (>= 1.2.7)
    http-cookie (1.0.3)
      domain_name (~> 0.5)
    httpi (2.4.5)
      rack
      socksify
    i18n (1.8.7)
      concurrent-ruby (~> 1.0)
    json (2.5.1)
    mail (2.7.1)
      mini_mime (>= 0.1.1)
    mechanize (2.7.6)
      domain_name (~> 0.5, >= 0.5.1)
      http-cookie (~> 1.0)
      mime-types (>= 1.17.2)
      net-http-digest_auth (~> 1.1, >= 1.1.1)
      net-http-persistent (>= 2.5.2)
      nokogiri (~> 1.6)
      ntlm-http (~> 0.1, >= 0.1.1)
      webrobots (>= 0.0.9, < 0.2)
    method_source (1.0.0)
    mime-types (3.3.1)
      mime-types-data (~> 3.2015)
    mime-types-data (3.2020.1104)
    mimemagic (0.3.5)
    mini_mime (1.0.2)
    mini_portile2 (2.5.0)
    minitar (0.9)
    minitest (5.14.3)
    minitest-should_syntax (1.0.2)
      minitest
    minitest-spec-expect (2.0.0)
      minitest (~> 5.0)
    money (6.14.0)
      i18n (>= 0.6.4, <= 2)
    multi_json (1.15.0)
    needle (1.3.0)
    net-http-digest_auth (1.4.1)
    net-http-persistent (4.0.1)
      connection_pool (~> 2.2)
    nokogiri (1.11.1)
      mini_portile2 (~> 2.5.0)
      racc (~> 1.4)
    nori (2.6.0)
    ntlm-http (0.1.1)
    odba (1.1.6)
      ydbd-pg (>= 0.5.6)
      ydbi (>= 0.5.6)
    oddb2tdat (1.1.2)
    optimist (3.0.1)
    ox (2.14.1)
    page-object (2.2.6)
      page_navigation (>= 0.10)
      selenium-webdriver (~> 3.0)
      watir (~> 6.8)
    page_navigation (0.10)
      data_magic (>= 0.22)
    parslet (2.0.0)
    paypal (2.0.0)
      money (> 0.0.0)
    pg (1.2.3)
    pry (0.13.1)
      coderay (~> 1.1)
      method_source (~> 1.0)
    pry-byebug (3.9.0)
      byebug (~> 11.0)
      pry (~> 0.13.0)
    public_suffix (4.0.6)
    racc (1.5.2)
    rack (2.2.3)
    rack-test (1.1.0)
      rack (>= 1.0, < 3)
    rake (13.0.3)
    rclconf (1.0.0)
    regexp_parser (1.8.2)
    rexml (3.2.4)
    rmagick (4.1.2)
    rspec (3.10.0)
      rspec-core (~> 3.10.0)
      rspec-expectations (~> 3.10.0)
      rspec-mocks (~> 3.10.0)
    rspec-core (3.10.1)
      rspec-support (~> 3.10.0)
    rspec-expectations (3.10.1)
      diff-lcs (>= 1.2.0, < 2.0)
      rspec-support (~> 3.10.0)
    rspec-mocks (3.10.1)
      diff-lcs (>= 1.2.0, < 2.0)
      rspec-support (~> 3.10.0)
    rspec-support (3.10.1)
    rss (0.2.9)
      rexml
    ruby-ole (1.2.12.2)
    ruby-units (2.3.2)
    rubyXL (3.4.16)
      nokogiri (>= 1.10.8)
      rubyzip (>= 1.3.0)
    rubyntlm (0.6.2)
    rubyzip (2.3.0)
    savon (2.12.1)
      akami (~> 1.2)
      builder (>= 2.1.2)
      gyoku (~> 1.2)
      httpi (~> 2.3)
      nokogiri (>= 1.8.1)
      nori (~> 2.4)
      wasabi (~> 3.4)
    sax-machine (1.3.2)
    sbsm (1.6.0)
      chrono_logger
      hpricot
      mail
      mimemagic
      rack
    selenium-webdriver (3.142.7)
      childprocess (>= 0.5, < 4.0)
      rubyzip (>= 1.2.2)
    simplecov (0.21.2)
      docile (~> 1.1)
      simplecov-html (~> 0.11)
      simplecov_json_formatter (~> 0.1)
    simplecov-html (0.12.3)
    simplecov_json_formatter (0.1.2)
    socksify (1.7.1)
    spreadsheet (1.2.7)
      ruby-ole
    swissmedic-diff (0.2.7)
      nokogiri
      rubyXL (>= 3.3.1)
      rubyzip
      spreadsheet
    travis-lint (2.0.0)
      json
    tzinfo (2.0.4)
      concurrent-ruby (~> 1.0)
    unf (0.1.4)
      unf_ext
    unf_ext (0.0.7.7)
    vcr (6.0.0)
    wasabi (3.6.1)
      addressable
      httpi (~> 2.0)
      nokogiri (>= 1.4.2)
    watir (6.17.0)
      regexp_parser (~> 1.2)
      selenium-webdriver (~> 3.6)
    watir-scroll (0.4.0)
      watir (>= 6.0)
    watir-webdriver (0.9.9)
      selenium-webdriver (>= 2.46.2)
    webdrivers (4.5.0)
      nokogiri (~> 1.6)
      rubyzip (>= 1.3.0)
      selenium-webdriver (>= 3.0, < 4.0)
    webmock (3.11.1)
      addressable (>= 2.3.6)
      crack (>= 0.3.2)
      hashdiff (>= 0.4.0, < 2.0.0)
    webrick (1.7.0)
    webrobots (0.1.2)
    ydbd-pg (0.5.7)
      pg
      ydbi (= 0.5.7)
    ydbi (0.5.7)
      deprecated (= 2.0.1)
      pg (>= 1.0.0)
    ydiffy (0.0.2)
    ydocx (1.2.6)
    yml_reader (0.7)
    yus (1.0.6)
      deprecated (= 2.0.1)
      highline
      needle
      odba (>= 1.1.6)
      rclconf
    zeitwerk (2.4.2)

PLATFORMS
  ruby

DEPENDENCIES
  activesupport
  bigdecimal
  builder
  clogger
  cmath
  dbi!
  deprecated
  diff-lcs
  flexmock
  flickraw
  gruff (= 0.8)
  hpricot
  htmlentities
  htmlgrid
  httpi
  i18n
  json
  mail
  mechanize
  mime-types
  minitar
  minitest
  minitest-should_syntax
  minitest-spec-expect
  money
  multi_json
  needle
  net-http-digest_auth
  net-http-persistent
  nokogiri
  odba
  oddb2tdat
  optimist
  ox
  page-object
  parslet
  paypal
  pg
  pry-byebug
  racc
  rack
  rack-test
  rake
  rclconf
  rmagick
  rspec
  rspec-core
  rss
  ruby-units
  rubyXL
  rubyntlm
  rubyzip
  savon
  sax-machine
  sbsm
  simplecov
  spreadsheet
  swissmedic-diff
  travis-lint
  vcr
  watir
  watir-scroll
  watir-webdriver
  webdrivers
  webmock
  webrick
  webrobots
  ydbd-pg
  ydiffy
  ydocx
  yus

BUNDLED WITH
   2.2.4
