GIT
  remote: https://github.com/ngiger/ruby-dbi
  revision: 3b9421fb94f43438962ebc998d36dd94e1881ded
  specs:
    dbi (0.4.6)
      deprecated (= 2.0.1)

GIT
  remote: https://github.com/ngiger/sbsm.git
  revision: 7d37c4f388157f407ffd8878935ffdc867e60fbb
  specs:
    sbsm (1.2.6)

GEM
  remote: http://rubygems.org/
  specs:
    activesupport (4.1.4)
      i18n (~> 0.6, >= 0.6.9)
      json (~> 1.7, >= 1.7.7)
      minitest (~> 5.1)
      thread_safe (~> 0.1)
      tzinfo (~> 1.1)
    akami (1.2.2)
      gyoku (>= 0.4.0)
      nokogiri
    archive-tarsimple (1.1.1)
    bigdecimal (1.2.5)
    builder (3.2.2)
    childprocess (0.5.3)
      ffi (~> 1.0, >= 1.0.11)
    coderay (1.1.0)
    columnize (0.8.9)
    commonwatir (4.0.0)
    data_magic (0.19)
      faker (>= 1.1.2)
      yml_reader (>= 0.3)
    dbd-pg (0.3.9)
      dbi (>= 0.4.0)
      pg
    debugger (1.6.8)
      columnize (>= 0.3.1)
      debugger-linecache (~> 1.2.0)
      debugger-ruby_core_source (~> 1.3.5)
    debugger-linecache (1.2.0)
    debugger-ruby_core_source (1.3.5)
    deprecated (2.0.1)
    diff-lcs (1.2.5)
    domain_name (0.5.19)
      unf (>= 0.0.5, < 1.0.0)
    facets (1.8.54)
    faker (1.4.1)
      i18n (~> 0.5)
    fastthread (1.0.7)
    ffi (1.9.3)
    flexmock (1.3.3)
    flickraw (0.9.8)
    gruff (0.5.1)
      rmagick
    gyoku (1.1.1)
      builder (>= 2.1.2)
    hashr (0.0.22)
    hoe (3.12.0)
      rake (>= 0.8, < 11.0)
    hoe-travis (1.2)
      hoe (~> 3.0)
      travis-lint (~> 1.2)
    hpricot (0.8.6)
    htmlentities (4.3.1)
    htmlgrid (1.0.6)
    http-cookie (1.0.2)
      domain_name (~> 0.5)
    httpi (0.9.7)
      rack
    i18n (0.6.9)
    json (1.8.1)
    mail (2.2.7)
      activesupport (>= 2.3.6)
      mime-types
      treetop (>= 1.4.5)
    mechanize (2.7.3)
      domain_name (~> 0.5, >= 0.5.1)
      http-cookie (~> 1.0)
      mime-types (~> 2.0)
      net-http-digest_auth (~> 1.1, >= 1.1.1)
      net-http-persistent (~> 2.5, >= 2.5.2)
      nokogiri (~> 1.4)
      ntlm-http (~> 0.1, >= 0.1.1)
      webrobots (>= 0.0.9, < 0.2)
    method_source (0.8.2)
    mime-types (2.3)
    mini_portile (0.5.3)
    minitest (5.3.5)
    minitest-should_syntax (1.0.2)
      minitest
    monetize (0.1.4)
    money (6.0.1)
      i18n (~> 0.6.4)
      monetize (~> 0.1.3)
    multi_json (1.8.4)
    needle (1.3.0)
    net-http-digest_auth (1.4)
    net-http-persistent (2.9.3)
    nokogiri (1.6.1)
      mini_portile (~> 0.5.0)
    nori (1.1.5)
    ntlm-http (0.1.1)
    odba (1.1.0)
    oddb2tdat (1.1.2)
    page-object (1.0)
      page_navigation (>= 0.9)
      selenium-webdriver (>= 2.42.0)
      watir-webdriver (>= 0.6.9)
    page_navigation (0.9)
      data_magic (>= 0.14)
    paypal (2.0.0)
      money (> 0.0.0)
    pg (0.17.1)
    polyglot (0.3.5)
    pry (0.10.0)
      coderay (~> 1.1.0)
      method_source (~> 0.8.1)
      slop (~> 3.4)
    pry-debugger (0.2.3)
      debugger (~> 1.3)
      pry (>= 0.9.10, < 0.11.0)
    racc (1.4.11)
    rack (1.5.2)
    rake (10.3.2)
    rclconf (1.0.0)
    rdoc (4.1.1)
      json (~> 1.4)
    rmagick (2.13.2)
    rpdf2txt (0.8.4)
    rspec (3.0.0)
      rspec-core (~> 3.0.0)
      rspec-expectations (~> 3.0.0)
      rspec-mocks (~> 3.0.0)
    rspec-core (3.0.2)
      rspec-support (~> 3.0.0)
    rspec-expectations (3.0.2)
      diff-lcs (>= 1.2.0, < 2.0)
      rspec-support (~> 3.0.0)
    rspec-mocks (3.0.2)
      rspec-support (~> 3.0.0)
    rspec-support (3.0.2)
    ruby-ole (1.2.11.7)
    rubyXL (3.1.2)
      nokogiri (>= 1.4.4)
      rubyzip (>= 1.1.6)
    rubyzip (1.1.6)
    safe_yaml (0.9.7)
    savon (0.9.7)
      akami (~> 1.0)
      builder (>= 2.1.2)
      gyoku (>= 0.4.0)
      httpi (~> 0.9)
      nokogiri (>= 1.4.0)
      nori (~> 1.0)
      wasabi (~> 2.0)
    selenium-webdriver (2.42.0)
      childprocess (>= 0.5.0)
      multi_json (~> 1.0)
      rubyzip (~> 1.0)
      websocket (~> 1.0.4)
    simplecov (0.7.1)
      multi_json (~> 1.0)
      simplecov-html (~> 0.7.1)
    simplecov-html (0.7.1)
    slop (3.6.0)
    spreadsheet (0.9.7)
      ruby-ole (>= 1.0)
    swissmedic-diff (0.1.8)
    thread_safe (0.3.4)
    travis-lint (1.8.0)
      hashr (~> 0.0.22)
      safe_yaml (~> 0.9.0)
    treetop (1.5.3)
      polyglot (~> 0.3)
    tzinfo (1.2.1)
      thread_safe (~> 0.1)
    unf (0.1.4)
      unf_ext
    unf_ext (0.0.6)
    wasabi (2.3.0)
      nokogiri (>= 1.4.0)
    watir (5.0.0)
      commonwatir (~> 4)
      watir-webdriver
    watir-webdriver (0.6.10)
      selenium-webdriver (>= 2.18.0)
    webrobots (0.1.1)
    websocket (1.0.7)
    ydim (1.0.0)
    ydocx (1.2.5)
    yml_reader (0.3)
    yus (1.0.1)

PLATFORMS
  ruby

DEPENDENCIES
  activesupport
  archive-tarsimple (= 1.1.1)
  bigdecimal (= 1.2.5)
  builder (= 3.2.2)
  dbd-pg (= 0.3.9)
  dbi!
  deprecated (= 2.0.1)
  facets (= 1.8.54)
  fastthread (= 1.0.7)
  flexmock
  flickraw (= 0.9.8)
  gruff (= 0.5.1)
  hoe
  hoe-travis
  hpricot (= 0.8.6)
  htmlentities (= 4.3.1)
  htmlgrid (= 1.0.6)
  httpi (= 0.9.7)
  i18n (= 0.6.9)
  json (= 1.8.1)
  mail (= 2.2.7)
  mechanize (= 2.7.3)
  mime-types
  minitest (>= 5.0)
  minitest-should_syntax
  money (= 6.0.1)
  multi_json (= 1.8.4)
  needle (= 1.3.0)
  net-http-digest_auth (= 1.4)
  net-http-persistent (= 2.9.3)
  nokogiri (= 1.6.1)
  odba (= 1.1.0)
  oddb2tdat (= 1.1.2)
  page-object
  paypal (= 2.0.0)
  pg (= 0.17.1)
  pry-debugger
  racc
  rake
  rclconf (= 1.0.0)
  rdoc (= 4.1.1)
  rmagick (= 2.13.2)
  rpdf2txt (= 0.8.4)
  rspec
  rubyXL (= 3.1.2)
  rubyzip (>= 1.1.6)
  savon (= 0.9.7)
  sbsm (= 1.2.6)!
  simplecov (~> 0.7.1)
  spreadsheet (= 0.9.7)
  swissmedic-diff (= 0.1.8)
  travis-lint
  wasabi (= 2.3.0)
  watir
  watir-webdriver
  webrobots (= 0.1.1)
  ydim (= 1.0.0)
  ydocx (= 1.2.5)
  yus (= 1.0.1)
