GIT
  remote: https://github.com/zdavatz/ruby-dbi
  revision: ce41c14531235005dfcb671895b4f26b74b1ca4d
  specs:
    dbi (0.4.6)
      deprecated (= 2.0.1)

GEM
  remote: https://rubygems.org/
  specs:
    abbrev (0.1.2)
    activesupport (7.1.3)
      base64
      bigdecimal
      concurrent-ruby (~> 1.0, >= 1.0.2)
      connection_pool (>= 2.2.5)
      drb
      i18n (>= 1.6, < 2)
      minitest (>= 5.1)
      mutex_m
      tzinfo (~> 2.0)
    addressable (2.8.6)
      public_suffix (>= 2.0.2, < 6.0)
    akami (1.3.2)
      gyoku (>= 0.4.0)
      nokogiri
    ast (2.4.2)
    base64 (0.2.0)
    bigdecimal (3.1.6)
    builder (3.2.4)
    chrono_logger (1.1.2)
    clogger (1.3.0)
      rack (> 0.9)
    cmath (1.0.0)
    concurrent-ruby (1.2.3)
    connection_pool (2.4.1)
    crack (0.4.5)
      rexml
    csv (3.2.8)
    data_magic (1.2)
      faker (>= 1.1.2)
      yml_reader (>= 0.6)
    date (3.3.4)
    deprecated (2.0.1)
    diff-lcs (1.5.0)
    docile (1.4.0)
    domain_name (0.6.20240107)
    drb (2.2.0)
      ruby2_keywords
    faker (3.2.3)
      i18n (>= 1.8.11, < 2)
    flexmock (2.3.8)
    flickraw (0.9.10)
    gruff (0.8.0)
      rmagick
    gyoku (1.4.0)
      builder (>= 2.1.2)
      rexml (~> 3.0)
    hashdiff (1.1.0)
    highline (3.0.1)
    hpricot (0.8.6)
    htmlentities (4.3.4)
    htmlgrid (1.2.3)
      sbsm (>= 1.2.7)
    http-cookie (1.0.5)
      domain_name (~> 0.5)
    httpi (3.0.1)
      rack
    i18n (1.14.1)
      concurrent-ruby (~> 1.0)
    json (2.7.1)
    language_server-protocol (3.17.0.3)
    lint_roller (1.1.0)
    mail (2.8.1)
      mini_mime (>= 0.1.1)
      net-imap
      net-pop
      net-smtp
    mechanize (2.10.0)
      addressable (~> 2.8)
      base64
      domain_name (~> 0.5, >= 0.5.20190701)
      http-cookie (~> 1.0, >= 1.0.3)
      mime-types (~> 3.0)
      net-http-digest_auth (~> 1.4, >= 1.4.1)
      net-http-persistent (>= 2.5.2, < 5.0.dev)
      nkf
      nokogiri (~> 1.11, >= 1.11.2)
      rubyntlm (~> 0.6, >= 0.6.3)
      webrick (~> 1.7)
      webrobots (~> 0.1.2)
    mime-types (3.5.2)
      mime-types-data (~> 3.2015)
    mime-types-data (3.2023.1205)
    mimemagic (0.4.3)
      nokogiri (~> 1)
      rake
    mini_mime (1.1.5)
    mini_portile2 (2.8.5)
    minitar (0.9)
    minitest (5.21.2)
    minitest-should_syntax (1.0.2)
      minitest
    minitest-spec-expect (2.0.0)
      minitest (~> 5.0)
    money (6.16.0)
      i18n (>= 0.6.4, <= 2)
    multi_json (1.15.0)
    mutex_m (0.2.0)
    needle (1.3.0)
    net-http-digest_auth (1.4.1)
    net-http-persistent (4.0.2)
      connection_pool (~> 2.2)
    net-imap (0.4.9.1)
      date
      net-protocol
    net-pop (0.1.2)
      net-protocol
    net-protocol (0.2.2)
      timeout
    net-smtp (0.4.0.1)
      net-protocol
    nkf (0.2.0)
    nokogiri (1.16.0)
      mini_portile2 (~> 2.8.2)
      racc (~> 1.4)
    nori (2.6.0)
    observer (0.1.2)
    odba (1.1.8)
    oddb2tdat (1.1.2)
    optimist (3.1.0)
    ox (2.14.17)
    page-object (2.3.1)
      page_navigation (>= 0.10)
      watir (>= 6.10.3)
    page_navigation (0.10)
      data_magic (>= 0.22)
    parallel (1.24.0)
    parser (3.3.0.5)
      ast (~> 2.4.1)
      racc
    parslet (2.0.0)
    paypal (2.0.0)
      money (> 0.0.0)
    pg (1.5.4)
    public_suffix (5.0.4)
    racc (1.7.3)
    rack (3.0.8)
    rack-test (2.1.0)
      rack (>= 1.3)
    rackup (2.1.0)
      rack (>= 3)
      webrick (~> 1.8)
    rainbow (3.1.1)
    rake (13.1.0)
    rbs (3.4.3)
      abbrev
    rclconf (1.0.0)
    regexp_parser (2.9.0)
    rexml (3.2.6)
    rmagick (4.2.4)
    rspec (3.12.0)
      rspec-core (~> 3.12.0)
      rspec-expectations (~> 3.12.0)
      rspec-mocks (~> 3.12.0)
    rspec-core (3.12.2)
      rspec-support (~> 3.12.0)
    rspec-expectations (3.12.3)
      diff-lcs (>= 1.2.0, < 2.0)
      rspec-support (~> 3.12.0)
    rspec-mocks (3.12.6)
      diff-lcs (>= 1.2.0, < 2.0)
      rspec-support (~> 3.12.0)
    rspec-support (3.12.1)
    rss (0.3.0)
      rexml
    rubocop (1.59.0)
      json (~> 2.3)
      language_server-protocol (>= 3.17.0)
      parallel (~> 1.10)
      parser (>= 3.2.2.4)
      rainbow (>= 2.2.2, < 4.0)
      regexp_parser (>= 1.8, < 3.0)
      rexml (>= 3.2.5, < 4.0)
      rubocop-ast (>= 1.30.0, < 2.0)
      ruby-progressbar (~> 1.7)
      unicode-display_width (>= 2.4.0, < 3.0)
    rubocop-ast (1.30.0)
      parser (>= 3.2.1.0)
    rubocop-performance (1.20.2)
      rubocop (>= 1.48.1, < 2.0)
      rubocop-ast (>= 1.30.0, < 2.0)
    ruby-ole (1.2.12.2)
    ruby-progressbar (1.13.0)
    ruby-units (4.0.1)
    ruby2_keywords (0.0.5)
    rubyXL (3.4.25)
      nokogiri (>= 1.10.8)
      rubyzip (>= 1.3.0)
    rubyntlm (0.6.3)
    rubyzip (2.3.2)
    savon (2.14.0)
      akami (~> 1.2)
      builder (>= 2.1.2)
      gyoku (~> 1.2)
      httpi (>= 2.4.5)
      mail (~> 2.5)
      nokogiri (>= 1.8.1)
      nori (~> 2.4)
      wasabi (~> 3.4)
    sax-machine (1.3.2)
    sbsm (1.6.1)
      chrono_logger
      hpricot
      mail
      mimemagic
      rack
    selenium-webdriver (4.10.0)
      rexml (~> 3.2, >= 3.2.5)
      rubyzip (>= 1.2.2, < 3.0)
      websocket (~> 1.0)
    simplecov (0.22.0)
      docile (~> 1.1)
      simplecov-html (~> 0.11)
      simplecov_json_formatter (~> 0.1)
    simplecov-html (0.12.3)
    simplecov_json_formatter (0.1.4)
    spreadsheet (1.3.1)
      bigdecimal
      ruby-ole
    standard (1.33.0)
      language_server-protocol (~> 3.17.0.2)
      lint_roller (~> 1.0)
      rubocop (~> 1.59.0)
      standard-custom (~> 1.0.0)
      standard-performance (~> 1.3)
    standard-custom (1.0.2)
      lint_roller (~> 1.0)
      rubocop (~> 1.50)
    standard-performance (1.3.1)
      lint_roller (~> 1.1)
      rubocop-performance (~> 1.20.2)
    swissmedic-diff (0.2.8)
      nokogiri
      rubyXL (>= 3.3.1)
      rubyzip
      spreadsheet
    timeout (0.4.1)
    travis-lint (2.0.0)
      json
    typeprof (0.21.9)
      rbs (>= 1.8.1)
    tzinfo (2.0.6)
      concurrent-ruby (~> 1.0)
    unicode-display_width (2.5.0)
    vcr (6.2.0)
    wasabi (3.8.0)
      addressable
      httpi (~> 3.0)
      nokogiri (>= 1.4.2)
    watir (7.3.0)
      regexp_parser (>= 1.2, < 3)
      selenium-webdriver (~> 4.2)
    watir-scroll (0.4.0)
      watir (>= 6.0)
    watir-webdriver (0.9.9)
      selenium-webdriver (>= 2.46.2)
    webdrivers (5.3.1)
      nokogiri (~> 1.6)
      rubyzip (>= 1.3.0)
      selenium-webdriver (~> 4.0, < 4.11)
    webmock (3.19.1)
      addressable (>= 2.8.0)
      crack (>= 0.3.2)
      hashdiff (>= 0.4.0, < 2.0.0)
    webrick (1.8.1)
    webrobots (0.1.2)
    websocket (1.2.10)
    ydbd-pg (0.5.9)
      pg
      ydbi (= 0.5.9)
    ydbi (0.5.9)
      deprecated (= 2.0.1)
    ydiffy (0.0.5)
    ydocx (1.2.6)
    yml_reader (0.7)
    yus (1.0.6)
      deprecated (= 2.0.1)
      highline
      needle
      odba (>= 1.1.6)
      rclconf

PLATFORMS
  ruby

DEPENDENCIES
  activesupport
  base64
  bigdecimal
  builder
  clogger
  cmath
  csv
  dbi!
  deprecated
  diff-lcs
  drb
  flexmock
  flickraw
  gruff (= 0.8)
  hpricot
  htmlentities
  htmlgrid
  httpi
  i18n
  json
  mail
  mechanize
  mime-types
  minitar
  minitest
  minitest-should_syntax
  minitest-spec-expect
  money
  multi_json
  needle
  net-http-digest_auth
  net-http-persistent
  net-imap
  net-pop
  net-smtp
  nokogiri
  observer
  odba
  oddb2tdat
  optimist
  ox
  page-object
  parslet
  paypal
  pg
  racc
  rack
  rack-test
  rackup
  rake
  rbs
  rclconf
  rmagick (= 4.2.4)
  rspec
  rspec-core
  rss
  ruby-units
  rubyXL
  rubyntlm
  rubyzip
  savon
  sax-machine
  sbsm
  simplecov
  spreadsheet
  standard
  swissmedic-diff
  travis-lint
  typeprof
  vcr
  watir
  watir-scroll
  watir-webdriver
  webdrivers
  webmock
  webrick
  webrobots
  ydbd-pg
  ydiffy
  ydocx
  yus

BUNDLED WITH
   2.2.4
